GIT
  remote: https://github.com/robertwahler/webby.git
  revision: e76955660debf94fd23ee070b39d0dfcbfe429a1
  specs:
    webby (0.9.5.0)
      directory_watcher (>= 1.1.2)
      hpricot (>= 0.6.0)
      launchy (>= 0.3.2)
      logging (>= 0.9.7)
      loquacious (>= 1.3.0)
      rake (>= 0.8.7)

GEM
  remote: https://rubygems.org/
  specs:
    addressable (2.8.1)
      public_suffix (>= 2.0.2, < 6.0)
    directory_watcher (1.5.1)
    haml (4.0.2)
      tilt
    hpricot (0.8.6)
    launchy (2.4.0)
      addressable (~> 2.3)
    little-plugger (1.1.3)
    logging (1.8.1)
      little-plugger (>= 1.1.3)
      multi_json (>= 1.3.6)
    loquacious (1.9.1)
    multi_json (1.8.2)
    public_suffix (5.0.0)
    rake (13.0.1)
    sass (3.2.7)
    tilt (1.3.7)

PLATFORMS
  ruby

DEPENDENCIES
  haml
  sass
  webby!
