GEM
  remote: http://rubygems.org/
  specs:
    addressable (2.2.7)
    diff-lcs (1.1.3)
    directory_watcher (1.4.1)
    haml (3.1.4)
    hpricot (0.8.6)
    launchy (2.1.0)
      addressable (~> 2.2.6)
    little-plugger (1.1.3)
    logging (1.7.2)
      little-plugger (>= 1.1.3)
    loquacious (1.9.1)
    rake (0.9.2.2)
    rspec (2.9.0)
      rspec-core (~> 2.9.0)
      rspec-expectations (~> 2.9.0)
      rspec-mocks (~> 2.9.0)
    rspec-core (2.9.0)
    rspec-expectations (2.9.1)
      diff-lcs (~> 1.1.3)
    rspec-mocks (2.9.0)
    webby (0.9.4)
      directory_watcher (>= 1.1.2)
      hpricot (>= 0.6.0)
      launchy (>= 0.3.2)
      logging (>= 0.9.7)
      loquacious (>= 1.3.0)
      rake (>= 0.8.4)
      rspec (>= 1.2.2)

PLATFORMS
  ruby

DEPENDENCIES
  haml
  webby
